GEM
  remote: https://rubygems.org/
  specs:
    ast (2.4.2)
    bcrypt_pbkdf (1.1.0)
    ed25519 (1.2.4)
    highline (2.0.3)
    mocha (1.12.0)
    net-scp (3.0.0)
      net-ssh (>= 2.6.5, < 7.0.0)
    net-sftp (3.0.0)
      net-ssh (>= 5.0.0, < 7.0.0)
    net-ssh (6.1.0)
    parallel (1.20.1)
    parser (3.0.1.1)
      ast (~> 2.4.1)
    power_assert (2.0.0)
    rainbow (3.0.0)
    regexp_parser (2.1.1)
    rexml (3.2.5)
    rubocop (1.17.0)
      parallel (~> 1.10)
      parser (>= 3.0.0.0)
      rainbow (>= 2.2.2, < 4.0)
      regexp_parser (>= 1.8, < 3.0)
      rexml
      rubocop-ast (>= 1.7.0, < 2.0)
      ruby-progressbar (~> 1.7)
      unicode-display_width (>= 1.4.0, < 3.0)
    rubocop-ast (1.7.0)
      parser (>= 3.0.1.1)
    ruby-progressbar (1.11.0)
    test-unit (3.4.0)
      power_assert
    unicode-display_width (2.0.0)
    zlib (1.1.0)

PLATFORMS
  ruby

DEPENDENCIES
  bcrypt_pbkdf (~> 1.1.0)
  ed25519 (>= 1.2.4)
  highline (>= 2.0.3)
  mocha (~> 1.12)
  net-scp (~> 3.0)
  net-sftp (~> 3.0)
  net-ssh (~> 6.1)
  rubocop (~> 1.17)
  test-unit (~> 3.4)
  zlib (~> 1.1)

RUBY VERSION
   ruby 2.7.0p0

BUNDLED WITH
   2.1.4
